GEM
  remote: http://rubygems.org/
  specs:
    addressable (2.2.8)
    daemons (1.1.8)
    eventmachine (0.12.10)
    highline (1.6.13)
    httparty (0.8.3)
      multi_json (~> 1.0)
      multi_xml
    json (1.7.3)
    launchy (2.1.0)
      addressable (~> 2.2.6)
    multi_json (1.3.6)
    multi_xml (0.5.1)
    rack (1.4.1)
    rack-test (0.6.1)
      rack (>= 1.0)
    rake (0.9.2.2)
    sinatra (1.1.0)
      rack (~> 1.1)
      tilt (~> 1.1)
    tddium (1.5.0)
      highline
      json
      launchy
      tddium_client (~> 0.2.0)
      thor
    tddium_client (0.2.0)
      httparty (>= 0.8.1)
      json
    thin (1.3.1)
      daemons (>= 1.0.9)
      eventmachine (>= 0.12.6)
      rack (>= 1.0.0)
    thor (0.15.4)
    tilt (1.3.3)

PLATFORMS
  ruby

DEPENDENCIES
  rack-test
  rake
  sinatra (= 1.1.0)
  tddium
  thin
